PATH
  remote: .
  specs:
    word_of_the_day (0.1.0)

GEM
  remote: https://rubygems.org/
  specs:
    rake (10.4.2)

PLATFORMS
  ruby

DEPENDENCIES
  bundler (~> 1.16)
  rake (~> 10.0)
  word_of_the_day!

BUNDLED WITH
   1.17.1
